PATH
  remote: .
  specs:
    arkaan (3.0.0)
      activemodel (= 5.2.3)
      activesupport (= 5.2.3)
      bcrypt (= 3.1.11)
      dotenv (= 2.7.2)
      mongoid (= 7.0.1)

GEM
  remote: https://rubygems.org/
  specs:
    activemodel (5.2.3)
      activesupport (= 5.2.3)
    activesupport (5.2.3)
      concurrent-ruby (~> 1.0, >= 1.0.2)
      i18n (>= 0.7, < 2)
      minitest (~> 5.1)
      tzinfo (~> 1.1)
    ast (2.4.1)
    bcrypt (3.1.11)
    bson (4.9.2)
    coderay (1.1.2)
    concurrent-ruby (1.1.5)
    database_cleaner (1.6.1)
    diff-lcs (1.3)
    docile (1.1.5)
    dotenv (2.7.2)
    factory_bot (5.1.1)
      activesupport (>= 4.2.0)
    factory_girl (4.8.1)
      activesupport (>= 3.0.0)
    faker (2.10.0)
      i18n (>= 1.6, < 1.8)
    i18n (1.6.0)
      concurrent-ruby (~> 1.0)
    json (2.2.0)
    method_source (0.9.2)
    minitest (5.11.3)
    mongo (2.12.1)
      bson (>= 4.8.2, < 5.0.0)
    mongoid (7.0.1)
      activemodel (>= 5.1, < 6.0.0)
      mongo (>= 2.5.1, < 3.0.0)
    parallel (1.19.2)
    parser (2.7.1.4)
      ast (~> 2.4.1)
    pry (0.11.1)
      coderay (~> 1.1.0)
      method_source (~> 0.9.0)
    rack (2.0.8)
    rack-test (0.7.0)
      rack (>= 1.0, < 3)
    rainbow (3.0.0)
    regexp_parser (1.7.1)
    rexml (3.2.4)
    rspec (3.6.0)
      rspec-core (~> 3.6.0)
      rspec-expectations (~> 3.6.0)
      rspec-mocks (~> 3.6.0)
    rspec-core (3.6.0)
      rspec-support (~> 3.6.0)
    rspec-expectations (3.6.0)
      diff-lcs (>= 1.2.0, < 2.0)
      rspec-support (~> 3.6.0)
    rspec-json_expectations (2.1.0)
    rspec-mocks (3.6.0)
      diff-lcs (>= 1.2.0, < 2.0)
      rspec-support (~> 3.6.0)
    rspec-support (3.6.0)
    rubocop (0.85.1)
      parallel (~> 1.10)
      parser (>= 2.7.0.1)
      rainbow (>= 2.2.2, < 4.0)
      regexp_parser (>= 1.7)
      rexml
      rubocop-ast (>= 0.0.3)
      ruby-progressbar (~> 1.7)
      unicode-display_width (>= 1.4.0, < 2.0)
    rubocop-ast (0.0.3)
      parser (>= 2.7.0.1)
    ruby-progressbar (1.10.1)
    simplecov (0.15.1)
      docile (~> 1.1.0)
      json (>= 1.8, < 3)
      simplecov-html (~> 0.10.0)
    simplecov-html (0.10.2)
    thread_safe (0.3.6)
    tzinfo (1.2.5)
      thread_safe (~> 0.1)
    unicode-display_width (1.7.0)
    yard (0.9.20)

PLATFORMS
  ruby

DEPENDENCIES
  arkaan!
  database_cleaner (= 1.6.1)
  factory_bot (= 5.1.1)
  factory_girl (= 4.8.1)
  faker (= 2.10.0)
  pry (= 0.11.1)
  rack (= 2.0.8)
  rack-test (= 0.7.0)
  rspec (= 3.6.0)
  rspec-json_expectations (= 2.1.0)
  rubocop (= 0.85.1)
  simplecov (= 0.15.1)
  yard (= 0.9.20)

BUNDLED WITH
   1.17.3
