PATH
  remote: .
  specs:
    Arkaan (0.3.1)
      activemodel (= 5.1.4)
      activesupport (= 5.1.4)
      bcrypt (= 3.1.11)
      mongoid (= 7.0.0.beta)

GEM
  remote: https://rubygems.org/
  specs:
    activemodel (5.1.4)
      activesupport (= 5.1.4)
    activesupport (5.1.4)
      concurrent-ruby (~> 1.0, >= 1.0.2)
      i18n (~> 0.7)
      minitest (~> 5.1)
      tzinfo (~> 1.1)
    bcrypt (3.1.11)
    bson (4.2.2)
    coderay (1.1.2)
    concurrent-ruby (1.0.5)
    database_cleaner (1.6.1)
    diff-lcs (1.3)
    docile (1.1.5)
    factory_girl (4.8.1)
      activesupport (>= 3.0.0)
    i18n (0.8.6)
    json (2.1.0)
    method_source (0.9.0)
    minitest (5.10.3)
    mongo (2.4.3)
      bson (>= 4.2.1, < 5.0.0)
    mongoid (7.0.0.beta)
      activemodel (~> 5.1)
      mongo (>= 2.4.1, < 3.0.0)
    pry (0.11.1)
      coderay (~> 1.1.0)
      method_source (~> 0.9.0)
    rspec (3.6.0)
      rspec-core (~> 3.6.0)
      rspec-expectations (~> 3.6.0)
      rspec-mocks (~> 3.6.0)
    rspec-core (3.6.0)
      rspec-support (~> 3.6.0)
    rspec-expectations (3.6.0)
      diff-lcs (>= 1.2.0, < 2.0)
      rspec-support (~> 3.6.0)
    rspec-mocks (3.6.0)
      diff-lcs (>= 1.2.0, < 2.0)
      rspec-support (~> 3.6.0)
    rspec-support (3.6.0)
    simplecov (0.15.1)
      docile (~> 1.1.0)
      json (>= 1.8, < 3)
      simplecov-html (~> 0.10.0)
    simplecov-html (0.10.2)
    thread_safe (0.3.6)
    tzinfo (1.2.3)
      thread_safe (~> 0.1)
    yard (0.9.9)

PLATFORMS
  ruby

DEPENDENCIES
  Arkaan!
  database_cleaner (= 1.6.1)
  factory_girl (= 4.8.1)
  pry (= 0.11.1)
  rspec (= 3.6.0)
  simplecov (= 0.15.1)
  yard (= 0.9.9)

BUNDLED WITH
   1.16.0.pre.2
